GEM
  remote: https://rubygems.org/
  specs:
    dalli (2.6.2)
    memcachier (0.0.2)
    mime-types (1.19)
    rack (1.4.1)
    rack-protection (1.3.2)
      rack
    rest-client (1.6.7)
      mime-types (>= 1.16)
    sass (3.2.1)
    sinatra (1.3.3)
      rack (~> 1.3, >= 1.3.6)
      rack-protection (~> 1.2)
      tilt (~> 1.3, >= 1.3.3)
    sinatra-param (0.1.2)
      sinatra (~> 1.3)
    sinatra-partial (0.4.0)
      sinatra
    slim (1.3.3)
      temple (~> 0.5.5)
      tilt (~> 1.3.3)
    temple (0.5.5)
    tilt (1.3.3)

PLATFORMS
  ruby

DEPENDENCIES
  dalli (~> 2.6.2)
  memcachier (~> 0.0.2)
  rest-client (~> 1.6.7)
  sass (~> 3.2.1)
  sinatra (~> 1.3.3)
  sinatra-param (~> 0.1.2)
  sinatra-partial (~> 0.4.0)
  slim (~> 1.3.3)
